GEM
  remote: https://rubygems.org/
  specs:
    bashrw-ttt (0.2.2)
      riak-client
    beefcake (0.3.7)
    builder (3.2.0)
    diff-lcs (1.2.1)
    i18n (0.6.1)
    innertube (1.0.2)
    multi_json (1.6.1)
    riak-client (1.1.1)
      beefcake (~> 0.3.7)
      builder (>= 2.1.2)
      i18n (>= 0.4.0)
      innertube (~> 1.0.2)
      multi_json (~> 1.0)
    rspec (2.13.0)
      rspec-core (~> 2.13.0)
      rspec-expectations (~> 2.13.0)
      rspec-mocks (~> 2.13.0)
    rspec-core (2.13.0)
    rspec-expectations (2.13.0)
      diff-lcs (>= 1.1.3, < 2.0)
    rspec-mocks (2.13.0)

PLATFORMS
  java

DEPENDENCIES
  bashrw-ttt (= 0.2.2)
  riak-client
  rspec
